GIT
  remote: https://github.com/tcmcgee/TicTacToeRuby
  revision: 985f71b46caf22703a41a4272d0f962ced2d01e1
  specs:
    tic_tac_toe (0.1.0)

GEM
  remote: https://rubygems.org/
  specs:
    backports (3.6.8)
    diff-lcs (1.1.3)
    multi_json (1.12.1)
    rack (1.6.4)
    rack-protection (1.5.3)
      rack
    rack-test (0.6.3)
      rack (>= 1.0)
    rspec (2.5.0)
      rspec-core (~> 2.5.0)
      rspec-expectations (~> 2.5.0)
      rspec-mocks (~> 2.5.0)
    rspec-core (2.5.2)
    rspec-expectations (2.5.0)
      diff-lcs (~> 1.1.2)
    rspec-mocks (2.5.0)
    sinatra (1.4.7)
      rack (~> 1.5)
      rack-protection (~> 1.4)
      tilt (>= 1.3, < 3)
    sinatra-contrib (1.4.7)
      backports (>= 2.0)
      multi_json
      rack-protection
      rack-test
      sinatra (~> 1.4.0)
      tilt (>= 1.3, < 3)
    tilt (2.0.5)

PLATFORMS
  ruby

DEPENDENCIES
  rack-test (~> 0.6.2)
  rspec (~> 2.5.0)
  sinatra (~> 1.4.5)
  sinatra-contrib (~> 1.4.2)
  tic_tac_toe!

BUNDLED WITH
   1.11.2
